GEM
  remote: https://rubygems.org/
  specs:
    algorithms (0.6.1)
    cuba (3.1.0)
      rack
    foreman (0.60.2)
      thor (>= 0.13.6)
    minitest (4.6.2)
    multi_json (1.6.1)
    nokogiri (1.5.6)
    rack (1.5.2)
    rack-protection (1.5.0)
      rack
    rake (10.0.3)
    redis (3.0.3)
    redis-namespace (1.2.1)
      redis (~> 3.0.0)
    resque (1.23.1)
      multi_json (~> 1.0)
      redis-namespace (~> 1.0)
      sinatra (>= 0.9.2)
      vegas (~> 0.1.2)
    resque-meta (2.0.0)
      resque (~> 1.8)
    resque-progress (1.0.1)
      resque (>= 1.8.0)
      resque-meta (>= 1.0.0)
    resque-status (0.4.1)
      resque (~> 1.19)
    ruby-opencv (0.0.8)
    sinatra (1.3.5)
      rack (~> 1.4)
      rack-protection (~> 1.3)
      tilt (~> 1.3, >= 1.3.3)
    thor (0.16.0)
    tilt (1.3.5)
    vegas (0.1.11)
      rack (>= 1.0.0)

PLATFORMS
  java
  ruby

DEPENDENCIES
  algorithms
  cuba
  foreman
  minitest
  nokogiri
  rake
  resque
  resque-progress
  resque-status
  ruby-opencv
