GEM
  remote: https://rubygems.org/
  specs:
    jruby-jars (1.7.15)
    jruby-rack (1.1.16)
    rack (1.5.2)
    rake (10.3.2)
    roda (1.3.0)
      rack
    rubyzip (1.1.6)
    rufus-lru (1.0.5)
    tabula-extractor (0.7.6-java)
      trollop (~> 2.0)
    tilt (2.0.1)
    trollop (2.1.1)
    warbler (1.4.4)
      jruby-jars (>= 1.5.6, < 2.0)
      jruby-rack (>= 1.0.0)
      rake (>= 0.9.6)
      rubyzip (>= 0.9, < 1.2)

PLATFORMS
  java

DEPENDENCIES
  jruby-jars (= 1.7.15)
  rack
  rake
  roda
  rufus-lru
  tabula-extractor (~> 0.7.6)
  tilt
  warbler
